GEM
  remote: http://rubygems.org/
  specs:
    activesupport (3.2.3)
      i18n (~> 0.6)
      multi_json (~> 1.0)
    albino (1.3.3)
      posix-spawn (>= 0.3.6)
    chunky_png (1.2.5)
    classifier (1.3.3)
      fast-stemmer (>= 1.0.0)
    compass (0.13.alpha.0)
      chunky_png (~> 1.2)
      fssm (>= 0.2.7)
      sass (~> 3.2.0.alpha.93)
    directory_watcher (1.4.1)
    fast-stemmer (1.0.1)
    foreman (0.46.0)
      thor (>= 0.13.6)
    fssm (0.2.9)
    i18n (0.6.0)
    jekyll (0.11.2)
      albino (~> 1.3)
      classifier (~> 1.3)
      directory_watcher (~> 1.1)
      kramdown (~> 0.13)
      liquid (~> 2.3)
      maruku (~> 0.5)
    kramdown (0.13.6)
    liquid (2.3.0)
    maruku (0.6.0)
      syntax (>= 1.0.0)
    multi_json (1.3.6)
    posix-spawn (0.3.6)
    rake (0.9.2.2)
    sass (3.2.0.alpha.242)
    syntax (1.0.0)
    thor (0.15.2)

PLATFORMS
  ruby

DEPENDENCIES
  activesupport
  compass (~> 0.12.rc.2)
  foreman
  jekyll
  rake
