GEM
  remote: http://rubygems.org/
  specs:
    RedCloth (4.2.9)
    activesupport (3.2.11)
      i18n (~> 0.6)
      multi_json (~> 1.0)
    chunky_png (1.2.7)
    classifier (1.3.3)
      fast-stemmer (>= 1.0.0)
    compass (0.12.2)
      chunky_png (~> 1.2)
      fssm (>= 0.2.7)
      sass (~> 3.1)
    directory_watcher (1.4.1)
    ethon (0.5.7)
      ffi (~> 1.2.0)
      mime-types (~> 1.18)
    fast-stemmer (1.0.1)
    ffi (1.2.1)
    foreman (0.61.0)
      thor (>= 0.13.6)
    fssm (0.2.9)
    i18n (0.6.1)
    jekyll (0.12.0)
      classifier (~> 1.3)
      directory_watcher (~> 1.1)
      kramdown (~> 0.13.4)
      liquid (~> 2.3)
      maruku (~> 0.5)
      pygments.rb (~> 0.3.2)
    kgio (2.8.0)
    kramdown (0.13.8)
    liquid (2.4.1)
    maruku (0.6.1)
      syntax (>= 1.0.0)
    mime-types (1.19)
    multi_json (1.5.0)
    nokogiri (1.5.6)
    posix-spawn (0.3.6)
    pygmentize (0.0.3)
    pygments.rb (0.3.7)
      posix-spawn (~> 0.3.6)
      yajl-ruby (~> 1.1.0)
    rack (1.5.0)
    rack-contrib (1.1.0)
      rack (>= 0.9.1)
    rack-rewrite (1.3.3)
    raindrops (0.10.0)
    rake (10.0.3)
    sass (3.2.5)
    syntax (1.0.0)
    thor (0.16.0)
    typhoeus (0.5.4)
      ethon (~> 0.5.7)
    unicorn (4.5.0)
      kgio (~> 2.6)
      rack
      raindrops (~> 0.7)
    yajl-ruby (1.1.0)

PLATFORMS
  ruby

DEPENDENCIES
  RedCloth
  activesupport
  compass
  foreman
  jekyll (~> 0.12.0)
  kramdown
  nokogiri
  pygmentize
  rack-contrib
  rack-rewrite
  rake
  typhoeus
  unicorn
